GEM
  remote: https://rubygems.org/
  specs:
    docile (1.3.1)
    json (2.1.0)
    minitest (5.11.3)
    rake (12.3.1)
    simplecov (0.16.1)
      docile (~> 1.1)
      json (>= 1.8, < 3)
      simplecov-html (~> 0.10.0)
    simplecov-html (0.10.2)

PLATFORMS
  ruby

DEPENDENCIES
  minitest
  rake
  simplecov

BUNDLED WITH
   1.16.6
